PATH
  remote: .
  specs:
    metrics-vmware (0.1.0)
      optimist

GEM
  remote: https://rubygems.org/
  specs:
    optimist (3.0.1)
    rake (12.3.3)

PLATFORMS
  ruby

DEPENDENCIES
  metrics-vmware!
  rake (~> 12.0)

BUNDLED WITH
   2.1.4
