PATH
  remote: .
  specs:
    metrics-vmware (0.1.0)
      awesome_print
      optimist
      rbvmomi

GEM
  remote: https://rubygems.org/
  specs:
    awesome_print (1.9.2)
    builder (3.2.4)
    byebug (11.1.3)
    json (2.6.1)
    mini_portile2 (2.8.0)
    nokogiri (1.13.3)
      mini_portile2 (~> 2.8.0)
      racc (~> 1.4)
    optimist (3.0.1)
    racc (1.6.0)
    rake (12.3.3)
    rbvmomi (3.0.0)
      builder (~> 3.2)
      json (~> 2.3)
      nokogiri (~> 1.10)
      optimist (~> 3.0)

PLATFORMS
  ruby

DEPENDENCIES
  byebug
  metrics-vmware!
  rake (~> 12.0)

BUNDLED WITH
   2.1.4
