PATH
  remote: .
  specs:
    metrics-vmware (0.1.0)
      optimist
      rbvmomi

GEM
  remote: https://rubygems.org/
  specs:
    builder (3.2.4)
    json (2.3.0)
    nokogiri (1.11.4-x86_64-darwin)
      racc (~> 1.4)
    optimist (3.0.1)
    racc (1.4.16)
    rake (12.3.3)
    rbvmomi (3.0.0)
      builder (~> 3.2)
      json (~> 2.3)
      nokogiri (~> 1.10)
      optimist (~> 3.0)

PLATFORMS
  ruby

DEPENDENCIES
  metrics-vmware!
  rake (~> 12.0)

BUNDLED WITH
   2.1.4
